GEM
  remote: https://rubygems.org/
  specs:
    activesupport (6.1.7.10)
      concurrent-ruby (~> 1.0, >= 1.0.2)
      i18n (>= 1.6, < 2)
      minitest (>= 5.1)
      tzinfo (~> 2.0)
      zeitwerk (~> 2.3)
    atlassian-jwt (0.2.1)
      jwt (~> 2.1)
    base64 (0.3.0)
    chronic (0.10.2)
    concurrent-ruby (1.3.5)
    dotenv (0.11.1)
      dotenv-deployment (~> 0.0.2)
    dotenv-deployment (0.0.2)
    hashie (5.0.0)
    httparty (0.21.0)
      mini_mime (>= 1.0.0)
      multi_xml (>= 0.5.2)
    i18n (1.14.7)
      concurrent-ruby (~> 1.0)
    intercom-ruby (9001.0)
    jira-ruby (2.3.0)
      activesupport
      atlassian-jwt
      multipart-post
      oauth (~> 0.5, >= 0.5.0)
    json (2.7.6)
    jwt (2.10.2)
      base64
    mini_mime (1.1.5)
    mini_portile2 (2.8.9)
    minitest (5.25.4)
    multi_xml (0.6.0)
    multipart-post (2.4.1)
    mustermann (2.0.2)
      ruby2_keywords (~> 0.0.1)
    oauth (0.6.2)
      snaky_hash (~> 2.0)
      version_gem (~> 1.1)
    rack (2.2.17)
    rack-protection (2.2.4)
      rack
    ruby2_keywords (0.0.5)
    sinatra (2.2.4)
      mustermann (~> 2.0)
      rack (~> 2.2)
      rack-protection (= 2.2.4)
      tilt (~> 2.0)
    snaky_hash (2.0.3)
      hashie (>= 0.1.0, < 6)
      version_gem (>= 1.1.8, < 3)
    sqlite3 (1.6.9)
      mini_portile2 (~> 2.8.0)
    tilt (2.6.1)
    tzinfo (2.0.6)
      concurrent-ruby (~> 1.0)
    version_gem (1.1.8)
    zeitwerk (2.6.18)

PLATFORMS
  ruby

DEPENDENCIES
  activesupport (~> 6.1)
  chronic (~> 0.10)
  dotenv (~> 0.3)
  httparty (~> 0.21)
  intercom-ruby (~> 9001.0)
  jira-ruby (~> 2.0)
  json (~> 2.6)
  sinatra (~> 2.2)
  sqlite3

BUNDLED WITH
   1.17.2
